GEM
  remote: http://rubygems.org/
  specs:
    builder (3.0.0)
    fb (0.6.7)
    rack (1.4.0)
    rack-protection (1.2.0)
      rack
    sequel (3.31.0)
    shotgun (0.9)
      rack (>= 1.0)
    sinatra (1.3.2)
      rack (~> 1.3, >= 1.3.6)
      rack-protection (~> 1.2)
      tilt (~> 1.3, >= 1.3.3)
    thor (0.14.6)
    tilt (1.3.3)

PLATFORMS
  ruby

DEPENDENCIES
  builder
  fb
  sequel
  shotgun
  sinatra
  thor
