GEM
  remote: http://rubygems.org/
  specs:
    builder (3.0.0)
    fb (0.6.7)
    sequel (3.29.0)
    thor (0.14.6)

PLATFORMS
  ruby

DEPENDENCIES
  builder
  fb
  sequel
  thor
